GEM
  remote: https://rubygems.org/
  specs:
    addressable (2.4.0)
    capybara (2.10.1)
      addressable
      mime-types (>= 1.16)
      nokogiri (>= 1.3.3)
      rack (>= 1.0.0)
      rack-test (>= 0.5.4)
      xpath (~> 2.0)
<<<<<<< HEAD
    diff-lcs (1.2.5)
    extlib (0.9.16)
    ffi (1.9.14)
    highline (1.7.8)
    listen (3.0.8)
      rb-fsevent (~> 0.9, >= 0.9.4)
      rb-inotify (~> 0.9, >= 0.9.7)
=======
    coderay (1.1.1)
    diff-lcs (1.2.5)
    extlib (0.9.16)
    highline (1.7.8)
    method_source (0.8.2)
>>>>>>> 1a2558bfe51428dd6a492500163f110ca1ace7e9
    mime-types (3.1)
      mime-types-data (~> 3.2015)
    mime-types-data (3.2016.0521)
    mini_portile2 (2.1.0)
    nokogiri (1.6.8.1)
      mini_portile2 (~> 2.1.0)
<<<<<<< HEAD
=======
    pry (0.10.4)
      coderay (~> 1.1.0)
      method_source (~> 0.8.1)
      slop (~> 3.4)
>>>>>>> 1a2558bfe51428dd6a492500163f110ca1ace7e9
    rack (1.6.4)
    rack-protection (1.5.3)
      rack
    rack-test (0.6.3)
      rack (>= 1.0)
<<<<<<< HEAD
    rb-fsevent (0.9.7)
    rb-inotify (0.9.7)
      ffi (>= 0.5.0)
    rerun (0.11.0)
      listen (~> 3.0)
    rspec (3.5.0)
      rspec-core (~> 3.5.0)
      rspec-expectations (~> 3.5.0)
      rspec-mocks (~> 3.5.0)
    rspec-core (3.5.4)
      rspec-support (~> 3.5.0)
    rspec-expectations (3.5.0)
      diff-lcs (>= 1.2.0, < 2.0)
      rspec-support (~> 3.5.0)
    rspec-mocks (3.5.0)
      diff-lcs (>= 1.2.0, < 2.0)
      rspec-support (~> 3.5.0)
    rspec-sinatra (0.1.2)
      templater (>= 1.0.0)
    rspec-support (3.5.0)
=======
    rspec-sinatra (0.1.2)
      templater (>= 1.0.0)
    shotgun (0.9.2)
      rack (>= 1.0)
>>>>>>> 1a2558bfe51428dd6a492500163f110ca1ace7e9
    sinatra (1.4.7)
      rack (~> 1.5)
      rack-protection (~> 1.4)
      tilt (>= 1.3, < 3)
<<<<<<< HEAD
=======
    slop (3.6.0)
>>>>>>> 1a2558bfe51428dd6a492500163f110ca1ace7e9
    templater (1.0.0)
      diff-lcs (>= 1.1.2)
      extlib (>= 0.9.5)
      highline (>= 1.4.0)
    tilt (2.0.5)
    xpath (2.0.0)
      nokogiri (~> 1.3)

PLATFORMS
  ruby

DEPENDENCIES
  capybara
<<<<<<< HEAD
  rerun
  rspec
  rspec-sinatra
=======
  pry
  rspec-sinatra
  shotgun
>>>>>>> 1a2558bfe51428dd6a492500163f110ca1ace7e9
  sinatra

BUNDLED WITH
   1.13.2
